GEM
  remote: https://rubygems.org/
  specs:
    actioncable (7.1.4)
      actionpack (= 7.1.4)
      activesupport (= 7.1.4)
      nio4r (~> 2.0)
      websocket-driver (>= 0.6.1)
      zeitwerk (~> 2.6)
    actionmailbox (7.1.4)
      actionpack (= 7.1.4)
      activejob (= 7.1.4)
      activerecord (= 7.1.4)
      activestorage (= 7.1.4)
      activesupport (= 7.1.4)
      mail (>= 2.7.1)
      net-imap
      net-pop
      net-smtp
    actionmailer (7.1.4)
      actionpack (= 7.1.4)
      actionview (= 7.1.4)
      activejob (= 7.1.4)
      activesupport (= 7.1.4)
      mail (~> 2.5, >= 2.5.4)
      net-imap
      net-pop
      net-smtp
      rails-dom-testing (~> 2.2)
    actionpack (7.1.4)
      actionview (= 7.1.4)
      activesupport (= 7.1.4)
      nokogiri (>= 1.8.5)
      racc
      rack (>= 2.2.4)
      rack-session (>= 1.0.1)
      rack-test (>= 0.6.3)
      rails-dom-testing (~> 2.2)
      rails-html-sanitizer (~> 1.6)
    actiontext (7.1.4)
      actionpack (= 7.1.4)
      activerecord (= 7.1.4)
      activestorage (= 7.1.4)
      activesupport (= 7.1.4)
      globalid (>= 0.6.0)
      nokogiri (>= 1.8.5)
    actionview (7.1.4)
      activesupport (= 7.1.4)
      builder (~> 3.1)
      erubi (~> 1.11)
      rails-dom-testing (~> 2.2)
      rails-html-sanitizer (~> 1.6)
    activejob (7.1.4)
      activesupport (= 7.1.4)
      globalid (>= 0.3.6)
    activemodel (7.1.4)
      activesupport (= 7.1.4)
    activerecord (7.1.4)
      activemodel (= 7.1.4)
      activesupport (= 7.1.4)
      timeout (>= 0.4.0)
    activestorage (7.1.4)
      actionpack (= 7.1.4)
      activejob (= 7.1.4)
      activerecord (= 7.1.4)
      activesupport (= 7.1.4)
      marcel (~> 1.0)
    activesupport (7.1.4)
      base64
      bigdecimal
      concurrent-ruby (~> 1.0, >= 1.0.2)
      connection_pool (>= 2.2.5)
      drb
      i18n (>= 1.6, < 2)
      minitest (>= 5.1)
      mutex_m
      tzinfo (~> 2.0)
    addressable (2.8.7)
      public_suffix (>= 2.0.2, < 7.0)
    amazing_print (1.6.0)
    android_key_attestation (0.3.0)
    ast (2.4.2)
    awrence (1.2.1)
    base64 (0.2.0)
    bcrypt (3.1.20)
    bigdecimal (3.1.8)
    bindata (2.5.0)
    bindex (0.8.1)
    bootsnap (1.18.4)
      msgpack (~> 1.2)
    brakeman (6.2.1)
      racc
    builder (3.3.0)
    cancancan (3.6.1)
    capybara (3.40.0)
      addressable
      matrix
      mini_mime (>= 0.1.3)
      nokogiri (~> 1.11)
      rack (>= 1.6.0)
      rack-test (>= 0.6.3)
      regexp_parser (>= 1.5, < 3.0)
      xpath (~> 3.2)
    cbor (0.5.9.8)
    chunky_png (1.4.0)
    cloudflare-rails (6.0.0)
      actionpack (>= 7.1.0, < 8.1.0)
      activesupport (>= 7.1.0, < 8.1.0)
      railties (>= 7.1.0, < 8.1.0)
      zeitwerk (>= 2.5.0)
    concurrent-ruby (1.3.4)
    connection_pool (2.4.1)
    cose (1.3.1)
      cbor (~> 0.5.9)
      openssl-signature_algorithm (~> 1.0)
    crass (1.0.6)
    cssbundling-rails (1.4.1)
      railties (>= 6.0.0)
    date (3.3.4)
    debug (1.9.2)
      irb (~> 1.10)
      reline (>= 0.3.8)
    devise (4.9.4)
      bcrypt (~> 3.0)
      orm_adapter (~> 0.1)
      railties (>= 4.1.0)
      responders
      warden (~> 1.2.3)
    devise-two-factor (5.1.0)
      activesupport (~> 7.0)
      devise (~> 4.0)
      railties (~> 7.0)
      rotp (~> 6.0)
    devise_zxcvbn (6.0.0)
      devise
      zxcvbn (~> 0.1.7)
    diff-lcs (1.5.1)
    doorkeeper (5.7.1)
      railties (>= 5)
    doorkeeper-device_authorization_grant (1.0.3)
      doorkeeper (~> 5.5)
    drb (2.2.1)
    erubi (1.13.0)
    et-orbi (1.2.11)
      tzinfo
    factory_bot (6.5.0)
      activesupport (>= 5.0.0)
    factory_bot_rails (6.4.3)
      factory_bot (~> 6.4)
      railties (>= 5.0.0)
    faker (3.4.2)
      i18n (>= 1.8.11, < 2)
    faraday (2.11.0)
      faraday-net_http (>= 2.0, < 3.4)
      logger
    faraday-net_http (3.3.0)
      net-http
    ffi (1.17.0-aarch64-linux-gnu)
    ffi (1.17.0-aarch64-linux-musl)
    ffi (1.17.0-arm-linux-gnu)
    ffi (1.17.0-arm-linux-musl)
    ffi (1.17.0-arm64-darwin)
    ffi (1.17.0-x86-linux-gnu)
    ffi (1.17.0-x86-linux-musl)
    ffi (1.17.0-x86_64-darwin)
    ffi (1.17.0-x86_64-linux-gnu)
    ffi (1.17.0-x86_64-linux-musl)
    flipper (1.3.1)
      concurrent-ruby (< 2)
    flipper-active_record (1.3.1)
      activerecord (>= 4.2, < 8)
      flipper (~> 1.3.1)
    flipper-ui (1.3.1)
      erubi (>= 1.0.0, < 2.0.0)
      flipper (~> 1.3.1)
      rack (>= 1.4, < 4)
      rack-protection (>= 1.5.3, < 5.0.0)
      rack-session (>= 1.0.2, < 3.0.0)
      sanitize (< 7)
    fugit (1.11.1)
      et-orbi (~> 1, >= 1.2.11)
      raabro (~> 1.4)
    globalid (1.2.1)
      activesupport (>= 6.1)
    hashie (5.0.0)
    i18n (1.14.5)
      concurrent-ruby (~> 1.0)
    io-console (0.7.2)
    irb (1.14.0)
      rdoc (>= 4.0.0)
      reline (>= 0.4.2)
    jbuilder (2.12.0)
      actionview (>= 5.0.0)
      activesupport (>= 5.0.0)
    jsbundling-rails (1.3.1)
      railties (>= 6.0.0)
    json (2.7.2)
    jwt (2.8.2)
      base64
    language_server-protocol (3.17.0.3)
    logger (1.6.1)
    loofah (2.22.0)
      crass (~> 1.0.2)
      nokogiri (>= 1.12.0)
    mail (2.8.1)
      mini_mime (>= 0.1.1)
      net-imap
      net-pop
      net-smtp
    marcel (1.0.4)
    matrix (0.4.2)
    mini_mime (1.1.5)
    minitest (5.25.1)
    msgpack (1.7.2)
    multi_json (1.15.0)
    multi_xml (0.7.1)
      bigdecimal (~> 3.1)
    mutex_m (0.2.0)
    net-http (0.4.1)
      uri
    net-imap (0.4.16)
      date
      net-protocol
    net-pop (0.1.2)
      net-protocol
    net-protocol (0.2.2)
      timeout
    net-smtp (0.5.0)
      net-protocol
    nio4r (2.7.3)
    nokogiri (1.16.7-aarch64-linux)
      racc (~> 1.4)
    nokogiri (1.16.7-arm-linux)
      racc (~> 1.4)
    nokogiri (1.16.7-arm64-darwin)
      racc (~> 1.4)
    nokogiri (1.16.7-x86-linux)
      racc (~> 1.4)
    nokogiri (1.16.7-x86_64-darwin)
      racc (~> 1.4)
    nokogiri (1.16.7-x86_64-linux)
      racc (~> 1.4)
    oauth2 (2.0.9)
      faraday (>= 0.17.3, < 3.0)
      jwt (>= 1.0, < 3.0)
      multi_xml (~> 0.5)
      rack (>= 1.2, < 4)
      snaky_hash (~> 2.0)
      version_gem (~> 1.1)
    omniauth (2.1.2)
      hashie (>= 3.4.6)
      rack (>= 2.2.3)
      rack-protection
    omniauth-github (2.0.1)
      omniauth (~> 2.0)
      omniauth-oauth2 (~> 1.8)
    omniauth-oauth2 (1.8.0)
      oauth2 (>= 1.4, < 3)
      omniauth (~> 2.0)
    omniauth-openid (2.0.1)
      omniauth (>= 1.0, < 3.0)
      rack-openid (~> 1.4.0)
    omniauth-rails_csrf_protection (1.0.2)
      actionpack (>= 4.2)
      omniauth (~> 2.0)
    omniauth-steam (1.0.6)
      multi_json
      omniauth-openid
    omniauth-twitch (1.2.0)
      omniauth-oauth2 (~> 1.6)
    openssl (3.2.0)
    openssl-signature_algorithm (1.3.0)
      openssl (> 2.0)
    orm_adapter (0.5.0)
    pagy (8.6.3)
    parallel (1.26.3)
    parser (3.3.5.0)
      ast (~> 2.4.1)
      racc
    pg (1.5.8)
    postmark (1.25.1)
      json
    postmark-rails (0.22.1)
      actionmailer (>= 3.0.0)
      postmark (>= 1.21.3, < 2.0)
    psych (5.1.2)
      stringio
    public_suffix (6.0.1)
    puma (6.4.2)
      nio4r (~> 2.0)
    raabro (1.4.0)
    racc (1.8.1)
    rack (3.1.7)
    rack-cors (2.0.2)
      rack (>= 2.0.0)
    rack-mini-profiler (3.3.1)
      rack (>= 1.2.0)
    rack-openid (1.4.2)
      rack (>= 1.1.0)
      ruby-openid (>= 2.1.8)
    rack-protection (4.0.0)
      base64 (>= 0.1.0)
      rack (>= 3.0.0, < 4)
    rack-session (2.0.0)
      rack (>= 3.0.0)
    rack-test (2.1.0)
      rack (>= 1.3)
    rackup (2.1.0)
      rack (>= 3)
      webrick (~> 1.8)
    rails (7.1.4)
      actioncable (= 7.1.4)
      actionmailbox (= 7.1.4)
      actionmailer (= 7.1.4)
      actionpack (= 7.1.4)
      actiontext (= 7.1.4)
      actionview (= 7.1.4)
      activejob (= 7.1.4)
      activemodel (= 7.1.4)
      activerecord (= 7.1.4)
      activestorage (= 7.1.4)
      activesupport (= 7.1.4)
      bundler (>= 1.15.0)
      railties (= 7.1.4)
    rails-dom-testing (2.2.0)
      activesupport (>= 5.0.0)
      minitest
      nokogiri (>= 1.6)
    rails-html-sanitizer (1.6.0)
      loofah (~> 2.21)
      nokogiri (~> 1.14)
    rails_semantic_logger (4.17.0)
      rack
      railties (>= 5.1)
      semantic_logger (~> 4.16)
    railties (7.1.4)
      actionpack (= 7.1.4)
      activesupport (= 7.1.4)
      irb
      rackup (>= 1.0.0)
      rake (>= 12.2)
      thor (~> 1.0, >= 1.2.2)
      zeitwerk (~> 2.6)
    rainbow (3.1.1)
    rake (13.2.1)
    rbnacl (7.1.1)
      ffi
    rdoc (6.7.0)
      psych (>= 4.0.0)
    recaptcha (5.17.0)
    redis (5.3.0)
      redis-client (>= 0.22.0)
    redis-client (0.22.2)
      connection_pool
    redis-prescription (2.6.0)
    regexp_parser (2.9.2)
    reline (0.5.10)
      io-console (~> 0.5)
    responders (3.1.1)
      actionpack (>= 5.2)
      railties (>= 5.2)
    rexml (3.3.7)
    rotp (6.3.0)
    rqrcode (2.2.0)
      chunky_png (~> 1.0)
      rqrcode_core (~> 1.0)
    rqrcode_core (1.2.0)
    rspec-core (3.13.1)
      rspec-support (~> 3.13.0)
    rspec-expectations (3.13.3)
      diff-lcs (>= 1.2.0, < 2.0)
      rspec-support (~> 3.13.0)
    rspec-mocks (3.13.1)
      diff-lcs (>= 1.2.0, < 2.0)
      rspec-support (~> 3.13.0)
    rspec-rails (6.1.5)
      actionpack (>= 6.1)
      activesupport (>= 6.1)
      railties (>= 6.1)
      rspec-core (~> 3.13)
      rspec-expectations (~> 3.13)
      rspec-mocks (~> 3.13)
      rspec-support (~> 3.13)
    rspec-support (3.13.1)
    rubocop (1.66.1)
      json (~> 2.3)
      language_server-protocol (>= 3.17.0)
      parallel (~> 1.10)
      parser (>= 3.3.0.2)
      rainbow (>= 2.2.2, < 4.0)
      regexp_parser (>= 2.4, < 3.0)
      rubocop-ast (>= 1.32.2, < 2.0)
      ruby-progressbar (~> 1.7)
      unicode-display_width (>= 2.4.0, < 3.0)
    rubocop-ast (1.32.3)
      parser (>= 3.3.1.0)
    ruby-openid (2.9.2)
    ruby-progressbar (1.13.0)
    rubyzip (2.3.2)
    safety_net_attestation (0.4.0)
      jwt (~> 2.0)
    sanitize (6.1.3)
      crass (~> 1.0.2)
      nokogiri (>= 1.12.0)
    selenium-webdriver (4.24.0)
      base64 (~> 0.2)
      logger (~> 1.4)
      rexml (~> 3.2, >= 3.2.5)
      rubyzip (>= 1.2.2, < 3.0)
      websocket (~> 1.0)
    semantic_logger (4.16.1)
      concurrent-ruby (~> 1.0)
    sentry-rails (5.19.0)
      railties (>= 5.0)
      sentry-ruby (~> 5.19.0)
    sentry-ruby (5.19.0)
      bigdecimal
      concurrent-ruby (~> 1.0, >= 1.0.2)
    sentry-sidekiq (5.19.0)
      sentry-ruby (~> 5.19.0)
      sidekiq (>= 3.0)
    sidekiq (7.3.2)
      concurrent-ruby (< 2)
      connection_pool (>= 2.3.0)
      logger
      rack (>= 2.2.4)
      redis-client (>= 0.22.2)
    sidekiq-cron (1.12.0)
      fugit (~> 1.8)
      globalid (>= 1.0.1)
      sidekiq (>= 6)
    sidekiq-throttled (1.4.0)
      concurrent-ruby (>= 1.2.0)
      redis-prescription (~> 2.2)
      sidekiq (>= 6.5)
    sidekiq-unique-jobs (8.0.10)
      concurrent-ruby (~> 1.0, >= 1.0.5)
      sidekiq (>= 7.0.0, < 8.0.0)
      thor (>= 1.0, < 3.0)
    snaky_hash (2.0.1)
      hashie
      version_gem (~> 1.1, >= 1.1.1)
    sprockets (4.2.1)
      concurrent-ruby (~> 1.0)
      rack (>= 2.2.4, < 4)
    sprockets-rails (3.5.2)
      actionpack (>= 6.1)
      activesupport (>= 6.1)
      sprockets (>= 3.0.0)
    stackprof (0.2.26)
    stimulus-rails (1.3.4)
      railties (>= 6.0.0)
    stringio (3.1.1)
    thor (1.3.2)
    timeout (0.4.1)
    tpm-key_attestation (0.12.1)
      bindata (~> 2.4)
      openssl (> 2.0)
      openssl-signature_algorithm (~> 1.0)
    turbo-rails (2.0.6)
      actionpack (>= 6.0.0)
      activejob (>= 6.0.0)
      railties (>= 6.0.0)
    tzinfo (2.0.6)
      concurrent-ruby (~> 1.0)
    unicode-display_width (2.5.0)
    uri (0.13.1)
    version_gem (1.1.4)
    warden (1.2.9)
      rack (>= 2.0.9)
    web-console (4.2.1)
      actionview (>= 6.0.0)
      activemodel (>= 6.0.0)
      bindex (>= 0.4.0)
      railties (>= 6.0.0)
    webauthn (3.1.0)
      android_key_attestation (~> 0.3.0)
      awrence (~> 1.1)
      bindata (~> 2.4)
      cbor (~> 0.5.9)
      cose (~> 1.1)
      openssl (>= 2.2)
      safety_net_attestation (~> 0.4.0)
      tpm-key_attestation (~> 0.12.0)
    webrick (1.8.1)
    websocket (1.2.11)
    websocket-driver (0.7.6)
      websocket-extensions (>= 0.1.0)
    websocket-extensions (0.1.5)
    xpath (3.2.0)
      nokogiri (~> 1.8)
    zeitwerk (2.6.18)
    zxcvbn (0.1.11)

PLATFORMS
  aarch64-linux
  aarch64-linux-gnu
  aarch64-linux-musl
  arm-linux
  arm-linux-gnu
  arm-linux-musl
  arm64-darwin
  x86-linux
  x86-linux-gnu
  x86-linux-musl
  x86_64-darwin
  x86_64-linux
  x86_64-linux-gnu
  x86_64-linux-musl

DEPENDENCIES
  amazing_print
  bootsnap
  brakeman
  cancancan (~> 3.5)
  capybara
  cloudflare-rails (~> 6.0)
  cssbundling-rails
  debug
  devise (~> 4.9)
  devise-two-factor (~> 5.1)
  devise_zxcvbn (~> 6.0.0)
  doorkeeper (~> 5.7.1)
  doorkeeper-device_authorization_grant (~> 1.0.3)
  factory_bot_rails (~> 6.4.3)
  faker (~> 3.4)
  faraday (~> 2.9)
  flipper (~> 1.3)
  flipper-active_record (~> 1.3)
  flipper-ui (~> 1.3)
  jbuilder
  jsbundling-rails
  jwt (~> 2.8.1)
  omniauth-github (~> 2.0.1)
  omniauth-oauth2 (~> 1.8.0)
  omniauth-rails_csrf_protection (~> 1.0.1)
  omniauth-steam (~> 1.0.6)
  omniauth-twitch (~> 1.2.0)
  pagy (~> 8.6)
  pg (~> 1.5)
  postmark-rails (~> 0.22.1)
  puma (~> 6.4)
  rack-cors (~> 2.0.2)
  rack-mini-profiler
  rails (~> 7.1.3)
  rails_semantic_logger (~> 4.17)
  rbnacl (~> 7.1.1)
  recaptcha (~> 5.17)
  redis (~> 5.2)
  rexml (~> 3.3.1)
  rqrcode (~> 2.2.0)
  rspec-rails (~> 6.1)
  rubocop
  selenium-webdriver
  sentry-rails (~> 5.18)
  sentry-ruby (~> 5.18)
  sentry-sidekiq (~> 5.18)
  sidekiq (~> 7.3.0)
  sidekiq-cron (~> 1.12.0)
  sidekiq-throttled (~> 1.4.0)
  sidekiq-unique-jobs (~> 8.0.10)
  sprockets-rails
  stackprof (~> 0.2)
  stimulus-rails
  turbo-rails
  tzinfo-data
  web-console
  webauthn (~> 3.1.0)

RUBY VERSION
   ruby 3.3.5p100

BUNDLED WITH
   2.5.18
